GEM
  remote: https://rubygems.org/
  specs:
    colorize (0.8.1)
    pdf-core (0.7.0)
    prawn (2.2.2)
      pdf-core (~> 0.7.0)
      ttfunk (~> 1.5)
    ttfunk (1.5.1)

PLATFORMS
  ruby

DEPENDENCIES
  colorize (~> 0.8.1)
  prawn (~> 2.2)

BUNDLED WITH
   2.0.2
