GEM
  remote: https://rubygems.org/
  specs:
    colorize (0.8.1)
    equatable (0.6.1)
    gem (0.0.1.alpha)
    pastel (0.7.3)
      equatable (~> 0.6)
      tty-color (~> 0.5)
    pdf-core (0.7.0)
    prawn (2.2.2)
      pdf-core (~> 0.7.0)
      ttfunk (~> 1.5)
    strings (0.1.7)
      strings-ansi (~> 0.1)
      unicode-display_width (~> 1.5)
      unicode_utils (~> 1.4)
    strings-ansi (0.2.0)
    ttfunk (1.5.1)
    tty-box (0.5.0)
      pastel (~> 0.7.2)
      strings (~> 0.1.6)
      tty-cursor (~> 0.7)
    tty-color (0.5.0)
    tty-cursor (0.7.0)
    unicode-display_width (1.6.0)
    unicode_utils (1.4.0)

PLATFORMS
  ruby

DEPENDENCIES
  colorize (~> 0.8.1)
  gem (~> 0.0.1.alpha)
  prawn (~> 2.2)
  tty-box (~> 0.5.0)

BUNDLED WITH
   2.0.2
